GIT
  remote: git://github.com/sinatra/sinatra.git
  revision: 84e76b839b8e356e36397c5395db0fa39a6d5642
  specs:
    sinatra (2.0.0.pre.alpha)
      rack (= 2.0.0.alpha)
      rack-protection (~> 1.5)
      tilt (~> 2.0)

GIT
  remote: https://github.com/SamSaffron/seed-fu.git
  revision: d93df3b6364ea938d87c5629bf950b0d1ffe037e
  branch: discourse
  specs:
    seed-fu (2.3.3)
      activerecord (>= 3.1)
      activesupport (>= 3.1)

GIT
  remote: https://github.com/rails/arel.git
  revision: f2ad22320d82021277ab835d4d44bef5e8b61866
  specs:
    arel (7.0.0)

GIT
  remote: https://github.com/rails/rails-observers.git
  revision: 2e83e3bf13dd4d963ed70bf4766f233f993b3e44
  specs:
    rails-observers (0.1.3.alpha)
      activemodel (>= 4.0, < 5.1)

GIT
  remote: https://github.com/rails/rails.git
  revision: a2de667b2eb97b387a9067277ab0829542f24841
  specs:
    actioncable (5.0.0.beta3)
      actionpack (= 5.0.0.beta3)
      nio4r (~> 1.2)
      websocket-driver (~> 0.6.1)
    actionmailer (5.0.0.beta3)
      actionpack (= 5.0.0.beta3)
      actionview (= 5.0.0.beta3)
      activejob (= 5.0.0.beta3)
      mail (~> 2.5, >= 2.5.4)
      rails-dom-testing (~> 1.0, >= 1.0.5)
    actionpack (5.0.0.beta3)
      actionview (= 5.0.0.beta3)
      activesupport (= 5.0.0.beta3)
      rack (~> 2.x)
      rack-test (~> 0.6.3)
      rails-dom-testing (~> 1.0, >= 1.0.5)
      rails-html-sanitizer (~> 1.0, >= 1.0.2)
    actionview (5.0.0.beta3)
      activesupport (= 5.0.0.beta3)
      builder (~> 3.1)
      erubis (~> 2.7.0)
      rails-dom-testing (~> 1.0, >= 1.0.5)
      rails-html-sanitizer (~> 1.0, >= 1.0.2)
    activejob (5.0.0.beta3)
      activesupport (= 5.0.0.beta3)
      globalid (>= 0.3.6)
    activemodel (5.0.0.beta3)
      activesupport (= 5.0.0.beta3)
    activerecord (5.0.0.beta3)
      activemodel (= 5.0.0.beta3)
      activesupport (= 5.0.0.beta3)
      arel (~> 7.0)
    activesupport (5.0.0.beta3)
      concurrent-ruby (~> 1.0)
      i18n (~> 0.7)
      minitest (~> 5.1)
      tzinfo (~> 1.1)
    rails (5.0.0.beta3)
      actioncable (= 5.0.0.beta3)
      actionmailer (= 5.0.0.beta3)
      actionpack (= 5.0.0.beta3)
      actionview (= 5.0.0.beta3)
      activejob (= 5.0.0.beta3)
      activemodel (= 5.0.0.beta3)
      activerecord (= 5.0.0.beta3)
      activesupport (= 5.0.0.beta3)
      bundler (>= 1.3.0, < 2.0)
      railties (= 5.0.0.beta3)
      sprockets-rails (>= 2.0.0)
    railties (5.0.0.beta3)
      actionpack (= 5.0.0.beta3)
      activesupport (= 5.0.0.beta3)
      method_source
      rake (>= 0.8.7)
      thor (>= 0.18.1, < 2.0)

PATH
  remote: /home/tgxworld/work/logster
  specs:
    logster (1.2.2)

PATH
  remote: /home/tgxworld/work/message_bus
  specs:
    message_bus (2.0.0.beta.5)
      rack (>= 1.1.3)

GEM
  remote: https://rubygems.org/
  specs:
    active_model_serializers (0.8.3)
      activemodel (>= 3.0)
    annotate (2.7.0)
      activerecord (>= 3.2, < 6.0)
      rake (~> 10.4)
    aws-sdk (2.2.34)
      aws-sdk-resources (= 2.2.34)
    aws-sdk-core (2.2.34)
      jmespath (~> 1.0)
    aws-sdk-resources (2.2.34)
      aws-sdk-core (= 2.2.34)
    babel-source (5.8.35)
    babel-transpiler (0.7.0)
      babel-source (>= 4.0, < 6)
      execjs (~> 2.0)
    barber (0.11.1)
      ember-source (>= 1.0, < 3)
      execjs (>= 1.2, < 3)
    better_errors (2.1.1)
      coderay (>= 1.0.0)
      erubis (>= 2.6.6)
      rack (>= 0.9.0)
    binding_of_caller (0.7.2)
      debug_inspector (>= 0.0.1)
    builder (3.2.2)
    byebug (8.2.4)
    certified (1.0.0)
    coderay (1.1.1)
    concurrent-ruby (1.0.1)
    connection_pool (2.2.0)
    crass (1.0.2)
    debug_inspector (0.0.2)
    diff-lcs (1.2.5)
    docile (1.1.5)
    domain_name (0.5.20160310)
      unf (>= 0.0.5, < 1.0.0)
    email_reply_trimmer (0.1.3)
    ember-data-source (1.0.0.beta.16.1)
      ember-source (~> 1.8)
    ember-handlebars-template (0.7.3)
      barber (>= 0.11.0)
      sprockets (>= 3.3, < 4)
    ember-rails (0.18.5)
      active_model_serializers
      ember-data-source (>= 1.0.0.beta.5)
      ember-handlebars-template (>= 0.1.1, < 1.0)
      ember-source (>= 1.1.0)
      jquery-rails (>= 1.0.17)
      railties (>= 3.1)
    ember-source (1.12.2)
    erubis (2.7.0)
    excon (0.49.0)
    execjs (2.6.0)
    exifr (1.2.4)
    fabrication (2.9.8)
    fakeweb (1.3.0)
    faraday (0.9.2)
      multipart-post (>= 1.2, < 3)
    fast_blank (1.0.0)
    fast_stack (0.2.0)
    fast_xor (1.1.3)
      rake
      rake-compiler
    fast_xs (0.8.0)
    fastimage_discourse (1.6.6)
    ffi (1.9.10)
    flamegraph (0.1.0)
      fast_stack
    foreman (0.78.0)
      thor (~> 0.19.1)
    fspath (2.1.1)
    gctools (0.2.4)
    given_core (3.8.0)
      sorcerer (>= 0.3.7)
    globalid (0.3.6)
      activesupport (>= 4.1.0)
    guess_html_encoding (0.0.11)
    hashie (3.4.3)
    highline (1.7.8)
    hiredis (0.6.1)
    htmlentities (4.3.4)
    http-cookie (1.0.2)
      domain_name (~> 0.5)
    http_accept_language (2.0.5)
    i18n (0.7.0)
    image_optim (0.20.2)
      exifr (~> 1.1, >= 1.1.3)
      fspath (~> 2.1)
      image_size (~> 1.3)
      in_threads (~> 1.3)
      progress (~> 3.0, >= 3.0.1)
    image_size (1.4.2)
    in_threads (1.3.1)
    jmespath (1.2.4)
      json_pure (>= 1.8.1)
    jquery-rails (4.1.1)
      rails-dom-testing (>= 1, < 3)
      railties (>= 4.2.0)
      thor (>= 0.14, < 2.0)
    json (1.8.3)
    json_pure (1.8.3)
    jwt (1.5.1)
    kgio (2.10.0)
    librarian (0.1.2)
      highline
      thor (~> 0.15)
    libv8 (3.16.14.13)
    listen (0.7.3)
    loofah (2.0.3)
      nokogiri (>= 1.5.9)
    lru_redux (1.1.0)
    mail (2.6.4)
      mime-types (>= 1.16, < 4)
    memory_profiler (0.9.6)
    metaclass (0.0.4)
    method_source (0.8.2)
    mime-types (2.99.1)
    mini_portile2 (2.0.0)
    minitest (5.8.4)
    mocha (1.1.0)
      metaclass (~> 0.0.1)
    mock_redis (0.16.1)
    moneta (0.8.0)
    msgpack (0.7.5)
    multi_json (1.11.2)
    multi_xml (0.5.5)
    multipart-post (2.0.0)
    mustache (1.0.3)
    netrc (0.11.0)
    nio4r (1.2.1)
    nokogiri (1.6.7.2)
      mini_portile2 (~> 2.0.0.rc2)
    nokogumbo (1.4.7)
      nokogiri
    oauth (0.5.1)
    oauth2 (1.1.0)
      faraday (>= 0.8, < 0.10)
      jwt (~> 1.0, < 1.5.2)
      multi_json (~> 1.3)
      multi_xml (~> 0.5)
      rack (>= 1.2, < 3)
    oj (2.15.0)
    omniauth (1.3.1)
      hashie (>= 1.2, < 4)
      rack (>= 1.0, < 3)
    omniauth-facebook (3.0.0)
      omniauth-oauth2 (~> 1.2)
    omniauth-github-discourse (1.1.2)
      omniauth (~> 1.0)
      omniauth-oauth2 (~> 1.1)
    omniauth-google-oauth2 (0.4.0)
      jwt (~> 1.5.0)
      multi_json (~> 1.3)
      omniauth (>= 1.1.1)
      omniauth-oauth2 (>= 1.3.1)
    omniauth-instagram (1.0.2)
      omniauth (~> 1)
      omniauth-oauth2 (~> 1)
    omniauth-oauth (1.1.0)
      oauth
      omniauth (~> 1.0)
    omniauth-oauth2 (1.4.0)
      oauth2 (~> 1.0)
      omniauth (~> 1.2)
    omniauth-openid (1.0.1)
      omniauth (~> 1.0)
      rack-openid (~> 1.3.1)
    omniauth-twitter (1.2.1)
      json (~> 1.3)
      omniauth-oauth (~> 1.1)
    onebox (1.5.38)
      htmlentities (~> 4.3.4)
      moneta (~> 0.8)
      multi_json (~> 1.11)
      mustache
      nokogiri (~> 1.6.6)
    openid-redis-store (0.0.2)
      redis
      ruby-openid
    pg (0.18.4)
    progress (3.1.1)
    pry (0.10.3)
      coderay (~> 1.1.0)
      method_source (~> 0.8.1)
      slop (~> 3.4)
    pry-nav (0.2.4)
      pry (>= 0.9.10, < 0.11.0)
    pry-rails (0.3.4)
      pry (>= 0.9.10)
    puma (3.4.0)
    r2 (0.2.6)
    rack (2.0.0.alpha)
      json
    rack-mini-profiler (0.9.9.2)
      rack (>= 1.2.0)
    rack-openid (1.3.1)
      rack (>= 1.1.0)
      ruby-openid (>= 2.1.8)
    rack-protection (1.5.3)
      rack
    rack-test (0.6.3)
      rack (>= 1.0)
    rails-deprecated_sanitizer (1.0.3)
      activesupport (>= 4.2.0.alpha)
    rails-dom-testing (1.0.7)
      activesupport (>= 4.2.0.beta, < 5.0)
      nokogiri (~> 1.6.0)
      rails-deprecated_sanitizer (>= 1.0.1)
    rails-html-sanitizer (1.0.3)
      loofah (~> 2.0)
    rails_multisite (1.0.4)
    raindrops (0.16.0)
    rake (10.5.0)
    rake-compiler (0.9.7)
      rake
    rb-fsevent (0.9.7)
    rb-inotify (0.9.7)
      ffi (>= 0.5.0)
    rbtrace (0.4.8)
      ffi (>= 1.0.6)
      msgpack (>= 0.4.3)
      trollop (>= 1.16.2)
    redis (3.2.2)
    redis-namespace (1.5.2)
      redis (~> 3.0, >= 3.0.4)
    ref (2.0.0)
    rest-client (1.8.0)
      http-cookie (>= 1.0.2, < 2.0)
      mime-types (>= 1.16, < 3.0)
      netrc (~> 0.7)
    rinku (1.7.3)
    rmmseg-cpp (0.2.9)
    rspec (3.2.0)
      rspec-core (~> 3.2.0)
      rspec-expectations (~> 3.2.0)
      rspec-mocks (~> 3.2.0)
    rspec-core (3.2.3)
      rspec-support (~> 3.2.0)
    rspec-expectations (3.2.1)
      diff-lcs (>= 1.2.0, < 2.0)
      rspec-support (~> 3.2.0)
    rspec-given (3.8.0)
      given_core (= 3.8.0)
      rspec (>= 2.14.0)
    rspec-html-matchers (0.7.2)
      nokogiri (~> 1)
      rspec (>= 3.0.0.a, < 4)
    rspec-mocks (3.2.1)
      diff-lcs (>= 1.2.0, < 2.0)
      rspec-support (~> 3.2.0)
    rspec-rails (1.3.2)
      rack (>= 1.0.0)
      rspec (>= 1.3.0)
    rspec-support (3.2.2)
    rtlit (0.0.5)
    ruby-openid (2.7.0)
    ruby-readability (0.7.0)
      guess_html_encoding (>= 0.0.4)
      nokogiri (>= 1.6.0)
    sanitize (4.0.1)
      crass (~> 1.0.2)
      nokogiri (>= 1.4.4)
      nokogumbo (~> 1.4.1)
    sass (3.4.22)
    sass-rails (5.0.4)
      railties (>= 4.0.0, < 5.0)
      sass (~> 3.1)
      sprockets (>= 2.8, < 4.0)
      sprockets-rails (>= 2.0, < 4.0)
      tilt (>= 1.1, < 3)
    shoulda (3.5.0)
      shoulda-context (~> 1.0, >= 1.0.1)
      shoulda-matchers (>= 1.4.1, < 3.0)
    shoulda-context (1.2.1)
    shoulda-matchers (2.8.0)
      activesupport (>= 3.0.0)
    sidekiq (4.1.1)
      concurrent-ruby (~> 1.0)
      connection_pool (~> 2.2, >= 2.2.0)
      redis (~> 3.2, >= 3.2.1)
    sidekiq-statistic (1.2.0)
      sidekiq (>= 3.3.4, < 5)
    simple-rss (1.3.1)
    simplecov (0.11.2)
      docile (~> 1.1.0)
      json (~> 1.8)
      simplecov-html (~> 0.10.0)
    simplecov-html (0.10.0)
    slop (3.6.0)
    sorcerer (1.0.2)
    spork (1.0.0rc4)
    spork-rails (4.0.0)
      rails (>= 3.0.0, < 5)
      spork (>= 1.0rc0)
    sprockets (3.6.0)
      concurrent-ruby (~> 1.0)
      rack (> 1, < 3)
    sprockets-rails (3.0.4)
      actionpack (>= 4.0)
      activesupport (>= 4.0)
      sprockets (>= 3.0.0)
    stackprof (0.2.9)
    therubyracer (0.12.2)
      libv8 (~> 3.16.14.0)
      ref
    thor (0.19.1)
    thread_safe (0.3.5)
    tilt (2.0.2)
    timecop (0.8.1)
    trollop (2.1.2)
    tzinfo (1.2.2)
      thread_safe (~> 0.1)
    uglifier (3.0.0)
      execjs (>= 0.3.0, < 3)
    unf (0.1.4)
      unf_ext
    unf_ext (0.0.7.2)
    unicorn (5.1.0)
      kgio (~> 2.6)
      raindrops (~> 0.7)
    websocket-driver (0.6.3)
      websocket-extensions (>= 0.1.0)
    websocket-extensions (0.1.2)

PLATFORMS
  ruby

DEPENDENCIES
  active_model_serializers (~> 0.8.3)
  annotate
  arel!
  aws-sdk
  babel-transpiler
  barber
  better_errors
  binding_of_caller
  byebug
  certified
  email_reply_trimmer (= 0.1.3)
  ember-data-source (= 1.0.0.beta.16.1)
  ember-rails (= 0.18.5)
  ember-source (= 1.12.2)
  excon
  fabrication (= 2.9.8)
  fakeweb (~> 1.3.0)
  fast_blank
  fast_xor
  fast_xs
  fastimage_discourse
  flamegraph
  foreman
  gctools
  highline
  hiredis
  htmlentities
  http_accept_language (~> 2.0.5)
  image_optim (= 0.20.2)
  librarian (>= 0.0.25)
  listen (= 0.7.3)
  logster!
  lru_redux
  mail
  memory_profiler
  message_bus!
  mime-types
  minitest
  mocha
  mock_redis
  multi_json
  mustache
  nokogiri
  oj
  omniauth
  omniauth-facebook
  omniauth-github-discourse
  omniauth-google-oauth2
  omniauth-instagram
  omniauth-oauth2
  omniauth-openid
  omniauth-twitter
  onebox
  openid-redis-store
  pg
  pry-nav
  pry-rails
  puma
  r2 (~> 0.2.5)
  rack (= 2.0.0.alpha)
  rack-mini-profiler
  rack-protection
  rails!
  rails-observers!
  rails_multisite
  rake
  rb-fsevent
  rb-inotify (~> 0.9)
  rbtrace
  redis
  redis-namespace
  rest-client
  rinku
  rmmseg-cpp
  rspec (~> 3.2.0)
  rspec-given
  rspec-html-matchers
  rspec-rails
  rtlit
  ruby-readability
  sanitize
  sass
  sass-rails
  seed-fu!
  shoulda
  sidekiq
  sidekiq-statistic
  simple-rss
  simplecov
  sinatra!
  spork-rails
  stackprof
  therubyracer
  timecop
  uglifier
  unf
  unicorn

BUNDLED WITH
   1.11.2
